GIT
  remote: https://github.com/heartcombo/devise
  revision: 8593801130f2df94a50863b5db535c272b00efe1
  specs:
    devise (4.8.0)
      bcrypt (~> 3.0)
      orm_adapter (~> 0.1)
      railties (>= 4.1.0)
      responders
      warden (~> 1.2.3)

GIT
  remote: https://github.com/omohokcoj/activerecord-sqlserver-adapter
  revision: e1c5dff05828f4a8e30ae726187bdd930d995ad1
  specs:
    activerecord-sqlserver-adapter (6.1.2.1)
      activerecord
      tiny_tds

GEM
  remote: https://rubygems.org/
  specs:
    actioncable (7.0.0.rc3)
      actionpack (= 7.0.0.rc3)
      activesupport (= 7.0.0.rc3)
      nio4r (~> 2.0)
      websocket-driver (>= 0.6.1)
    actionmailbox (7.0.0.rc3)
      actionpack (= 7.0.0.rc3)
      activejob (= 7.0.0.rc3)
      activerecord (= 7.0.0.rc3)
      activestorage (= 7.0.0.rc3)
      activesupport (= 7.0.0.rc3)
      mail (>= 2.7.1)
    actionmailer (7.0.0.rc3)
      actionpack (= 7.0.0.rc3)
      actionview (= 7.0.0.rc3)
      activejob (= 7.0.0.rc3)
      activesupport (= 7.0.0.rc3)
      mail (~> 2.5, >= 2.5.4)
      rails-dom-testing (~> 2.0)
    actionpack (7.0.0.rc3)
      actionview (= 7.0.0.rc3)
      activesupport (= 7.0.0.rc3)
      rack (~> 2.0, >= 2.2.0)
      rack-test (>= 0.6.3)
      rails-dom-testing (~> 2.0)
      rails-html-sanitizer (~> 1.0, >= 1.2.0)
    actiontext (7.0.0.rc3)
      actionpack (= 7.0.0.rc3)
      activerecord (= 7.0.0.rc3)
      activestorage (= 7.0.0.rc3)
      activesupport (= 7.0.0.rc3)
      globalid (>= 0.6.0)
      nokogiri (>= 1.8.5)
    actionview (7.0.0.rc3)
      activesupport (= 7.0.0.rc3)
      builder (~> 3.1)
      erubi (~> 1.4)
      rails-dom-testing (~> 2.0)
      rails-html-sanitizer (~> 1.1, >= 1.2.0)
    activejob (7.0.0.rc3)
      activesupport (= 7.0.0.rc3)
      globalid (>= 0.3.6)
    activemodel (7.0.0.rc3)
      activesupport (= 7.0.0.rc3)
    activerecord (7.0.0.rc3)
      activemodel (= 7.0.0.rc3)
      activesupport (= 7.0.0.rc3)
    activerecord-filter (6.1.0.2)
      activerecord (>= 6.1.0)
      arel-extensions (>= 6.1.0)
    activestorage (7.0.0.rc3)
      actionpack (= 7.0.0.rc3)
      activejob (= 7.0.0.rc3)
      activerecord (= 7.0.0.rc3)
      activesupport (= 7.0.0.rc3)
      marcel (~> 1.0)
      mini_mime (>= 1.1.0)
    activesupport (7.0.0.rc3)
      concurrent-ruby (~> 1.0, >= 1.0.2)
      i18n (>= 1.6, < 2)
      minitest (>= 5.1)
      tzinfo (~> 2.0)
    addressable (2.8.0)
      public_suffix (>= 2.0.2, < 5.0)
    ar_lazy_preload (0.7.0)
      rails (>= 5.0)
    arel-extensions (6.1.0)
      activerecord (>= 6.1.0)
    ast (2.4.2)
    audited (5.0.2)
      activerecord (>= 5.0, < 7.1)
    aws-eventstream (1.2.0)
    aws-partitions (1.534.0)
    aws-sdk-core (3.123.0)
      aws-eventstream (~> 1, >= 1.0.2)
      aws-partitions (~> 1, >= 1.525.0)
      aws-sigv4 (~> 1.1)
      jmespath (~> 1.0)
    aws-sdk-kms (1.51.0)
      aws-sdk-core (~> 3, >= 3.122.0)
      aws-sigv4 (~> 1.1)
    aws-sdk-s3 (1.107.0)
      aws-sdk-core (~> 3, >= 3.122.0)
      aws-sdk-kms (~> 1)
      aws-sigv4 (~> 1.4)
    aws-sigv4 (1.4.0)
      aws-eventstream (~> 1, >= 1.0.2)
    bcrypt (3.1.16)
    bindex (0.8.1)
    brakeman (5.1.2)
    builder (3.2.4)
    byebug (11.1.3)
    cancancan (3.3.0)
    coderay (1.1.3)
    concurrent-ruby (1.1.9)
    crass (1.0.6)
    dotenv (2.7.6)
    erubi (1.10.0)
    et-orbi (1.2.6)
      tzinfo
    fast_blank (1.0.1)
    ffi (1.15.4)
    fugit (1.5.2)
      et-orbi (~> 1.1, >= 1.1.8)
      raabro (~> 1.4)
    globalid (1.0.0)
      activesupport (>= 5.0)
    i18n (1.8.11)
      concurrent-ruby (~> 1.0)
    image_processing (1.12.1)
      mini_magick (>= 4.9.5, < 5)
      ruby-vips (>= 2.0.17, < 3)
    jmespath (1.4.0)
    jwt (2.3.0)
    launchy (2.5.0)
      addressable (~> 2.7)
    letter_opener (1.7.0)
      launchy (~> 2.2)
    listen (3.7.0)
      rb-fsevent (~> 0.10, >= 0.10.3)
      rb-inotify (~> 0.9, >= 0.9.10)
    lograge (0.11.2)
      actionpack (>= 4)
      activesupport (>= 4)
      railties (>= 4)
      request_store (~> 1.0)
    loofah (2.13.0)
      crass (~> 1.0.2)
      nokogiri (>= 1.5.9)
    mail (2.7.1)
      mini_mime (>= 0.1.1)
    marcel (1.0.2)
    method_source (1.0.0)
    mini_magick (4.11.0)
    mini_mime (1.1.2)
    mini_portile2 (2.6.1)
    minitest (5.15.0)
    motor-admin (0.2.35)
      activerecord-filter (>= 5.2)
      ar_lazy_preload (~> 0.6)
      audited (~> 5.0)
      cancancan (~> 3.0)
      fugit (~> 1.0)
      rails (>= 5.2)
    mysql2 (0.5.3)
    net_http_ssl_fix (0.0.10)
    nio4r (2.5.8)
    nokogiri (1.12.5)
      mini_portile2 (~> 2.6.1)
      racc (~> 1.4)
    nokogiri (1.12.5-x86_64-darwin)
      racc (~> 1.4)
    oj (3.13.9)
    orm_adapter (0.5.0)
    parallel (1.21.0)
    parser (3.0.3.2)
      ast (~> 2.4.1)
    pg (1.2.3)
    pry (0.14.1)
      coderay (~> 1.1)
      method_source (~> 1.0)
    pry-rails (0.3.9)
      pry (>= 0.10.4)
    public_suffix (4.0.6)
    puma (5.5.2)
      nio4r (~> 2.0)
    raabro (1.4.0)
    racc (1.6.0)
    rack (2.2.3)
    rack-proxy (0.7.0)
      rack
    rack-test (1.1.0)
      rack (>= 1.0, < 3)
    rails (7.0.0.rc3)
      actioncable (= 7.0.0.rc3)
      actionmailbox (= 7.0.0.rc3)
      actionmailer (= 7.0.0.rc3)
      actionpack (= 7.0.0.rc3)
      actiontext (= 7.0.0.rc3)
      actionview (= 7.0.0.rc3)
      activejob (= 7.0.0.rc3)
      activemodel (= 7.0.0.rc3)
      activerecord (= 7.0.0.rc3)
      activestorage (= 7.0.0.rc3)
      activesupport (= 7.0.0.rc3)
      bundler (>= 1.15.0)
      railties (= 7.0.0.rc3)
    rails-dom-testing (2.0.3)
      activesupport (>= 4.2.0)
      nokogiri (>= 1.6)
    rails-html-sanitizer (1.4.2)
      loofah (~> 2.3)
    railties (7.0.0.rc3)
      actionpack (= 7.0.0.rc3)
      activesupport (= 7.0.0.rc3)
      method_source
      rake (>= 12.2)
      thor (~> 1.0)
      zeitwerk (~> 2.5)
    rainbow (3.0.0)
    rake (13.0.6)
    rb-fsevent (0.11.0)
    rb-inotify (0.10.1)
      ffi (~> 1.0)
    regexp_parser (2.2.0)
    request_store (1.5.0)
      rack (>= 1.4)
    responders (3.0.1)
      actionpack (>= 5.0)
      railties (>= 5.0)
    rexml (3.2.5)
    rubocop (1.23.0)
      parallel (~> 1.10)
      parser (>= 3.0.0.0)
      rainbow (>= 2.2.2, < 4.0)
      regexp_parser (>= 1.8, < 3.0)
      rexml
      rubocop-ast (>= 1.12.0, < 2.0)
      ruby-progressbar (~> 1.7)
      unicode-display_width (>= 1.4.0, < 3.0)
    rubocop-ast (1.15.0)
      parser (>= 3.0.1.1)
    rubocop-performance (1.12.0)
      rubocop (>= 1.7.0, < 2.0)
      rubocop-ast (>= 0.4.0)
    rubocop-rails (2.12.4)
      activesupport (>= 4.2.0)
      rack (>= 1.1)
      rubocop (>= 1.7.0, < 2.0)
    rubocop-rspec (2.6.0)
      rubocop (~> 1.19)
    ruby-progressbar (1.11.0)
    ruby-vips (2.1.3)
      ffi (~> 1.12)
    semantic_range (3.0.0)
    spring (4.0.0)
    sqlite3 (1.4.2)
    thor (1.1.0)
    tiny_tds (2.1.5)
    tzinfo (2.0.4)
      concurrent-ruby (~> 1.0)
    tzinfo-data (1.2021.5)
      tzinfo (>= 1.0.0)
    unicode-display_width (2.1.0)
    warden (1.2.9)
      rack (>= 2.0.9)
    web-console (4.2.0)
      actionview (>= 6.0.0)
      activemodel (>= 6.0.0)
      bindex (>= 0.4.0)
      railties (>= 6.0.0)
    webpacker (6.0.0.rc.5)
      activesupport (>= 5.2)
      rack-proxy (>= 0.6.1)
      railties (>= 5.2)
      semantic_range (>= 2.3.0)
    webrick (1.7.0)
    websocket-driver (0.7.5)
      websocket-extensions (>= 0.1.0)
    websocket-extensions (0.1.5)
    yard (0.9.27)
      webrick (~> 1.7.0)
    zeitwerk (2.5.1)

PLATFORMS
  ruby
  x86_64-darwin-19
  x86_64-darwin-20

DEPENDENCIES
  activerecord-sqlserver-adapter!
  ar_lazy_preload
  audited
  aws-sdk-s3
  brakeman
  byebug
  devise!
  dotenv
  fast_blank
  image_processing
  jwt
  letter_opener
  listen
  lograge
  motor-admin
  mysql2 (= 0.5.3)
  net_http_ssl_fix
  oj
  pg (= 1.2.3)
  pry-rails
  puma
  rails (~> 7.0.0.alpha)
  rubocop
  rubocop-performance
  rubocop-rails
  rubocop-rspec
  spring
  sqlite3
  tiny_tds (= 2.1.5)
  tzinfo-data
  web-console
  webpacker
  yard

RUBY VERSION
   ruby 2.7.1p83

BUNDLED WITH
   2.2.18
